PATH
  remote: .
  specs:
    ups-ruby (0.23.0)
      excon (~> 0.45, >= 0.45.3)
      insensitive_hash (~> 0.3.3)
      ox (~> 2.2, >= 2.2.0)
      text (~> 1.3, >= 1.3.1)

GEM
  remote: http://rubygems.org/
  specs:
    codeclimate-test-reporter (1.0.9)
      simplecov (<= 0.13)
    docile (1.1.5)
    excon (0.100.0)
    insensitive_hash (0.3.3)
    json (2.6.3)
    mini_portile2 (2.8.4)
    minitest (5.18.1)
    nokogiri (1.15.3)
      mini_portile2 (~> 2.8.2)
      racc (~> 1.4)
    ox (2.14.17)
    racc (1.7.1)
    rake (13.0.6)
    simplecov (0.13.0)
      docile (~> 1.1.0)
      json (>= 1.8, < 3)
      simplecov-html (~> 0.10.0)
    simplecov-html (0.10.2)
    text (1.3.1)

PLATFORMS
  ruby

DEPENDENCIES
  codeclimate-test-reporter (~> 1.0.0)
  minitest
  nokogiri
  rake
  simplecov
  ups-ruby!

BUNDLED WITH
   2.2.3
